GEM
  remote: https://rubygems.org/
  specs:
    concurrent-ruby (0.9.1)
    mysql2 (0.4.1)
    pg (0.18.3)
    sequel (4.27.0)

PLATFORMS
  ruby

DEPENDENCIES
  concurrent-ruby
  mysql2
  pg
  sequel

BUNDLED WITH
   1.10.6
